GIT
  remote: git://github.com/leejarvis/slop.git
  revision: eb62888ecf75b560a9ac9928794db8673d243c55
  specs:
    slop (4.3.0)

GEM
  remote: https://rubygems.org/
  specs:
    chronic (0.10.2)
    diff-lcs (1.2.5)
    geocoder (1.3.4)
    rspec (3.4.0)
      rspec-core (~> 3.4.0)
      rspec-expectations (~> 3.4.0)
      rspec-mocks (~> 3.4.0)
    rspec-core (3.4.4)
      rspec-support (~> 3.4.0)
    rspec-expectations (3.4.0)
      diff-lcs (>= 1.2.0, < 2.0)
      rspec-support (~> 3.4.0)
    rspec-mocks (3.4.1)
      diff-lcs (>= 1.2.0, < 2.0)
      rspec-support (~> 3.4.0)
    rspec-support (3.4.1)
    timezone (0.99.2)

PLATFORMS
  ruby

DEPENDENCIES
  chronic
  geocoder
  rspec
  slop!
  timezone

BUNDLED WITH
   1.11.2
