GEM
  remote: https://rubygems.org/
  specs:
    chronic (0.10.2)
    diff-lcs (1.2.5)
    excon (0.49.0)
    geocoder (1.3.4)
    rspec (3.4.0)
      rspec-core (~> 3.4.0)
      rspec-expectations (~> 3.4.0)
      rspec-mocks (~> 3.4.0)
    rspec-core (3.4.4)
      rspec-support (~> 3.4.0)
    rspec-expectations (3.4.0)
      diff-lcs (>= 1.2.0, < 2.0)
      rspec-support (~> 3.4.0)
    rspec-mocks (3.4.1)
      diff-lcs (>= 1.2.0, < 2.0)
      rspec-support (~> 3.4.0)
    rspec-support (3.4.1)
    ruby-progressbar (1.8.0)
    timezone (0.99.2)
    trollop (2.1.2)

PLATFORMS
  ruby

DEPENDENCIES
  chronic
  excon
  geocoder
  rspec
  ruby-progressbar
  timezone
  trollop

BUNDLED WITH
   1.11.2
